GEM
  remote: http://rubygems.org/
  specs:
    addressable (2.8.3)
      public_suffix (>= 2.0.2, < 6.0)
    diff-lcs (1.2.5)
    docile (1.4.0)
    domainatrix (0.0.11)
      addressable
    hoe (4.0.2)
      rake (>= 0.8, < 15.0)
    one_hundred_percent_coverage (0.0.2)
      simplecov (>= 0.3.7)
    psych (5.1.0)
      stringio
    public_suffix (5.0.1)
    rake (13.0.6)
    rdoc (6.5.0)
      psych (>= 4.0.0)
    rspec (3.4.0)
      rspec-core (~> 3.4.0)
      rspec-expectations (~> 3.4.0)
      rspec-mocks (~> 3.4.0)
    rspec-core (3.4.3)
      rspec-support (~> 3.4.0)
    rspec-expectations (3.4.0)
      diff-lcs (>= 1.2.0, < 2.0)
      rspec-support (~> 3.4.0)
    rspec-mocks (3.4.1)
      diff-lcs (>= 1.2.0, < 2.0)
      rspec-support (~> 3.4.0)
    rspec-support (3.4.1)
    simplecov (0.22.0)
      docile (~> 1.1)
      simplecov-html (~> 0.11)
      simplecov_json_formatter (~> 0.1)
    simplecov-html (0.12.3)
    simplecov_json_formatter (0.1.4)
    stringio (3.0.5)

PLATFORMS
  ruby

DEPENDENCIES
  domainatrix
  hoe (>= 3.16.0)
  one_hundred_percent_coverage
  rdoc (>= 6.3.1)
  rspec
  simplecov (>= 0.12.0)

BUNDLED WITH
   1.17.3
